GEM
  remote: https://rubygems.org/
  specs:
    mysql2 (0.5.6)

PLATFORMS
  arm64-darwin-23
  ruby

DEPENDENCIES
  mysql2

RUBY VERSION
   ruby 3.4.1p0

BUNDLED WITH
   2.6.2
